PATH
  remote: .
  specs:
    gitcloudcli (1.0.0)
      thor

GEM
  remote: https://rubygems.org/
  specs:
    rake (10.5.0)
    thor (0.20.3)

PLATFORMS
  ruby

DEPENDENCIES
  bundler (~> 1.7)
  gitcloudcli!
  rake (~> 10.0)

BUNDLED WITH
   1.17.1
